GEM
  remote: https://rubygems.org/
  specs:
    rainbow (3.0.0)

PLATFORMS
  x86_64-linux

DEPENDENCIES
  rainbow

BUNDLED WITH
   2.2.31
